GIT
  remote: https://github.com/sapcc/arc-client.git
  revision: 5d9b922d3c19d02f0cd87c7cc93f80802a960b50
  specs:
    arc-client (0.7.1)
      rest-client (~> 2.0.0.rc3)

GIT
  remote: https://github.com/sapcc/elektron
  revision: 01347fe32eb9b9680c9ec699fed17293aeed3d3b
  tag: v2.2.1
  specs:
    elektron (2.2.1)

GIT
  remote: https://github.com/sapcc/lyra-client.git
  revision: 5846553e5e657943d936130a0c8fa9d0a1805a5f
  specs:
    lyra-client (0.1.1)

GIT
  remote: https://github.com/sapcc/monsoon-openstack-auth.git
  revision: ac12f8cecf2b299a961e82a302d74faf7e5534b9
  specs:
    monsoon-openstack-auth (2.0.5)
      excon
      hashie
      rails
      uglifier (>= 1.3.0)

PATH
  remote: plugins/audit
  specs:
    audit (0.0.1)

PATH
  remote: plugins/automation
  specs:
    automation (0.0.1)
      virtus

PATH
  remote: plugins/block_storage
  specs:
    block_storage (0.0.1)

PATH
  remote: plugins/cloudops
  specs:
    cloudops (0.0.1)

PATH
  remote: plugins/compute
  specs:
    compute (0.0.1)

PATH
  remote: plugins/dns_service
  specs:
    dns_service (0.0.1)

PATH
  remote: plugins/email_service
  specs:
    email_service (0.0.1)

PATH
  remote: plugins/identity
  specs:
    identity (0.0.1)

PATH
  remote: plugins/image
  specs:
    image (0.0.1)

PATH
  remote: plugins/inquiry
  specs:
    inquiry (0.0.1)
      aasm
      bootstrap-kaminari-views
      kaminari

PATH
  remote: plugins/keppel
  specs:
    keppel (0.0.1)
      rails (~> 5.2.3)

PATH
  remote: plugins/key_manager
  specs:
    key_manager (0.0.1)

PATH
  remote: plugins/kubernetes
  specs:
    kubernetes (0.0.1)

PATH
  remote: plugins/lbaas2
  specs:
    lbaas2 (0.0.1)
      rails (~> 5.2.3)

PATH
  remote: plugins/loadbalancing
  specs:
    loadbalancing (0.0.1)

PATH
  remote: plugins/lookup
  specs:
    lookup (0.0.1)

PATH
  remote: plugins/masterdata_cockpit
  specs:
    masterdata_cockpit (0.0.1)

PATH
  remote: plugins/metrics
  specs:
    metrics (0.0.1)

PATH
  remote: plugins/networking
  specs:
    networking (0.0.1)

PATH
  remote: plugins/object_storage
  specs:
    object_storage (0.0.1)

PATH
  remote: plugins/reports
  specs:
    reports (0.0.1)

PATH
  remote: plugins/resource_management
  specs:
    resource_management (0.0.1)

PATH
  remote: plugins/resources
  specs:
    resources (0.0.1)

PATH
  remote: plugins/shared_filesystem_storage
  specs:
    shared_filesystem_storage (0.0.1)

PATH
  remote: plugins/tools
  specs:
    tools (0.0.1)

PATH
  remote: plugins/webconsole
  specs:
    webconsole (0.0.1)

GEM
  remote: https://rubygems.org/
  specs:
    aasm (5.1.1)
      concurrent-ruby (~> 1.0)
    actioncable (5.2.4.5)
      actionpack (= 5.2.4.5)
      nio4r (~> 2.0)
      websocket-driver (>= 0.6.1)
    actionmailer (5.2.4.5)
      actionpack (= 5.2.4.5)
      actionview (= 5.2.4.5)
      activejob (= 5.2.4.5)
      mail (~> 2.5, >= 2.5.4)
      rails-dom-testing (~> 2.0)
    actionpack (5.2.4.5)
      actionview (= 5.2.4.5)
      activesupport (= 5.2.4.5)
      rack (~> 2.0, >= 2.0.8)
      rack-test (>= 0.6.3)
      rails-dom-testing (~> 2.0)
      rails-html-sanitizer (~> 1.0, >= 1.0.2)
    actionview (5.2.4.5)
      activesupport (= 5.2.4.5)
      builder (~> 3.1)
      erubi (~> 1.4)
      rails-dom-testing (~> 2.0)
      rails-html-sanitizer (~> 1.0, >= 1.0.3)
    activejob (5.2.4.5)
      activesupport (= 5.2.4.5)
      globalid (>= 0.3.6)
    activemodel (5.2.4.5)
      activesupport (= 5.2.4.5)
    activerecord (5.2.4.5)
      activemodel (= 5.2.4.5)
      activesupport (= 5.2.4.5)
      arel (>= 9.0)
    activerecord-session_store (2.0.0)
      actionpack (>= 5.2.4.1)
      activerecord (>= 5.2.4.1)
      multi_json (~> 1.11, >= 1.11.2)
      rack (>= 2.0.8, < 3)
      railties (>= 5.2.4.1)
    activestorage (5.2.4.5)
      actionpack (= 5.2.4.5)
      activerecord (= 5.2.4.5)
      marcel (~> 0.3.1)
    activesupport (5.2.4.5)
      concurrent-ruby (~> 1.0, >= 1.0.2)
      i18n (>= 0.7, < 2)
      minitest (~> 5.1)
      tzinfo (~> 1.1)
    addressable (2.7.0)
      public_suffix (>= 2.0.2, < 5.0)
    arel (9.0.0)
    autoprefixer-rails (10.2.4.0)
      execjs
    aws-eventstream (1.1.1)
    aws-partitions (1.432.0)
    aws-sdk-core (3.113.0)
      aws-eventstream (~> 1, >= 1.0.2)
      aws-partitions (~> 1, >= 1.239.0)
      aws-sigv4 (~> 1.1)
      jmespath (~> 1.0)
    aws-sdk-ses (1.38.0)
      aws-sdk-core (~> 3, >= 3.112.0)
      aws-sigv4 (~> 1.1)
    aws-sigv4 (1.2.3)
      aws-eventstream (~> 1, >= 1.0.2)
    axiom-types (0.1.1)
      descendants_tracker (~> 0.0.4)
      ice_nine (~> 0.11.0)
      thread_safe (~> 0.3, >= 0.3.1)
    babel-source (5.8.35)
    babel-transpiler (0.7.0)
      babel-source (>= 4.0, < 6)
      execjs (~> 2.0)
    bindex (0.8.1)
    bootstrap-kaminari-views (0.0.5)
      kaminari (>= 0.13)
      rails (>= 3.1)
    bootstrap-sass (3.4.1)
      autoprefixer-rails (>= 5.2.1)
      sassc (>= 2.0.0)
    builder (3.2.4)
    byebug (11.1.3)
    capybara (3.32.2)
      addressable
      mini_mime (>= 0.1.3)
      nokogiri (~> 1.8)
      rack (>= 1.6.0)
      rack-test (>= 0.6.3)
      regexp_parser (~> 1.5)
      xpath (~> 3.2)
    capybara-screenshot (1.0.25)
      capybara (>= 1.0, < 4)
      launchy
    chunky_png (1.4.0)
    cliver (0.3.2)
    coderay (1.1.3)
    coercible (1.0.0)
      descendants_tracker (~> 0.0.1)
    coffee-rails (5.0.0)
      coffee-script (>= 2.2.0)
      railties (>= 5.2.0)
    coffee-script (2.4.1)
      coffee-script-source
      execjs
    coffee-script-source (1.12.2)
    colorize (0.8.1)
    compass (1.0.3)
      chunky_png (~> 1.2)
      compass-core (~> 1.0.2)
      compass-import-once (~> 1.0.5)
      rb-fsevent (>= 0.9.3)
      rb-inotify (>= 0.9)
      sass (>= 3.3.13, < 3.5)
    compass-core (1.0.3)
      multi_json (~> 1.0)
      sass (>= 3.3.0, < 3.5)
    compass-import-once (1.0.5)
      sass (>= 3.2, < 3.5)
    compass-rails (2.0.1)
      compass (~> 1.0.0)
    concurrent-ruby (1.1.8)
    config (3.0.0)
      deep_merge (~> 1.2, >= 1.2.1)
      dry-validation (~> 1.0, >= 1.0.0)
    connection_pool (2.2.3)
    crass (1.0.6)
    cucumber (4.1.0)
      builder (~> 3.2, >= 3.2.3)
      cucumber-core (~> 7.1, >= 7.1.0)
      cucumber-create-meta (~> 1.0.0, >= 1.0.0)
      cucumber-cucumber-expressions (~> 10.1, >= 10.1.0)
      cucumber-gherkin (~> 14.0, >= 14.0.1)
      cucumber-html-formatter (~> 7.0, >= 7.0.0)
      cucumber-messages (~> 12.2, >= 12.2.0)
      cucumber-wire (~> 3.1, >= 3.1.0)
      diff-lcs (~> 1.3, >= 1.3, < 1.4)
      multi_test (~> 0.1, >= 0.1.2)
      sys-uname (~> 1.0, >= 1.0.2)
    cucumber-core (7.1.0)
      cucumber-gherkin (~> 14.0, >= 14.0.1)
      cucumber-messages (~> 12.2, >= 12.2.0)
      cucumber-tag-expressions (~> 2.0, >= 2.0.4)
    cucumber-create-meta (1.0.0)
      cucumber-messages (~> 12.2, >= 12.2.0)
      sys-uname (~> 1.2, >= 1.2.1)
    cucumber-cucumber-expressions (10.3.0)
    cucumber-gherkin (14.2.0)
      cucumber-messages (~> 12.4, >= 12.4.0)
    cucumber-html-formatter (7.2.0)
      cucumber-messages (~> 12.4, >= 12.4.0)
    cucumber-messages (12.4.0)
      protobuf-cucumber (~> 3.10, >= 3.10.8)
    cucumber-rails (2.2.0)
      capybara (>= 2.18, < 4)
      cucumber (>= 3.0.2, < 6)
      mime-types (~> 3.2)
      nokogiri (~> 1.8)
      rails (>= 5.0, < 7)
    cucumber-tag-expressions (2.0.4)
    cucumber-wire (3.1.0)
      cucumber-core (~> 7.1, >= 7.1.0)
      cucumber-cucumber-expressions (~> 10.1, >= 10.1.0)
      cucumber-messages (~> 12.2, >= 12.2.0)
    database_cleaner (2.0.1)
      database_cleaner-active_record (~> 2.0.0)
    database_cleaner-active_record (2.0.0)
      activerecord (>= 5.a)
      database_cleaner-core (~> 2.0.0)
    database_cleaner-core (2.0.1)
    deep_merge (1.2.1)
    descendants_tracker (0.0.4)
      thread_safe (~> 0.3, >= 0.3.1)
    diff-lcs (1.3)
    domain_name (0.5.20190701)
      unf (>= 0.0.5, < 1.0.0)
    dotenv (2.7.6)
    dotenv-rails (2.7.6)
      dotenv (= 2.7.6)
      railties (>= 3.2)
    dry-configurable (0.11.6)
      concurrent-ruby (~> 1.0)
      dry-core (~> 0.4, >= 0.4.7)
      dry-equalizer (~> 0.2)
    dry-container (0.7.2)
      concurrent-ruby (~> 1.0)
      dry-configurable (~> 0.1, >= 0.1.3)
    dry-core (0.4.9)
      concurrent-ruby (~> 1.0)
    dry-equalizer (0.3.0)
    dry-inflector (0.2.0)
    dry-initializer (3.0.4)
    dry-logic (1.0.8)
      concurrent-ruby (~> 1.0)
      dry-core (~> 0.2)
      dry-equalizer (~> 0.2)
    dry-schema (1.5.5)
      concurrent-ruby (~> 1.0)
      dry-configurable (~> 0.8, >= 0.8.3)
      dry-core (~> 0.4)
      dry-equalizer (~> 0.2)
      dry-initializer (~> 3.0)
      dry-logic (~> 1.0)
      dry-types (~> 1.4)
    dry-types (1.4.0)
      concurrent-ruby (~> 1.0)
      dry-container (~> 0.3)
      dry-core (~> 0.4, >= 0.4.4)
      dry-equalizer (~> 0.3)
      dry-inflector (~> 0.1, >= 0.1.2)
      dry-logic (~> 1.0, >= 1.0.2)
    dry-validation (1.5.6)
      concurrent-ruby (~> 1.0)
      dry-container (~> 0.7, >= 0.7.1)
      dry-core (~> 0.4)
      dry-equalizer (~> 0.2)
      dry-initializer (~> 3.0)
      dry-schema (~> 1.5, >= 1.5.2)
    equalizer (0.0.11)
    erubi (1.10.0)
    erubis (2.7.0)
    excon (0.79.0)
    execjs (2.7.0)
    factory_girl (4.9.0)
      activesupport (>= 3.0.0)
    factory_girl_rails (4.9.0)
      factory_girl (~> 4.9.0)
      railties (>= 3.0.0)
    faraday (1.3.0)
      faraday-net_http (~> 1.0)
      multipart-post (>= 1.2, < 3)
      ruby2_keywords
    faraday-net_http (1.0.1)
    ffi (1.15.0)
    font-awesome-sass (5.15.1)
      sassc (>= 1.11)
    foreman (0.87.2)
    formatador (0.2.5)
    friendly_id (5.4.2)
      activerecord (>= 4.0.0)
    globalid (0.4.2)
      activesupport (>= 4.2.0)
    guard (2.16.2)
      formatador (>= 0.2.4)
      listen (>= 2.7, < 4.0)
      lumberjack (>= 1.0.12, < 2.0)
      nenv (~> 0.1)
      notiffany (~> 0.0)
      pry (>= 0.9.12)
      shellany (~> 0.0)
      thor (>= 0.18.1)
    guard-compat (1.2.1)
    guard-rspec (4.7.3)
      guard (~> 2.1)
      guard-compat (~> 1.1)
      rspec (>= 2.99.0, < 4.0)
    haml (5.2.1)
      temple (>= 0.8.0)
      tilt
    haml-rails (2.0.1)
      actionpack (>= 5.1)
      activesupport (>= 5.1)
      haml (>= 4.0.6, < 6.0)
      html2haml (>= 1.0.1)
      railties (>= 5.1)
    hashie (4.1.0)
    high_voltage (3.1.2)
    html2haml (2.2.0)
      erubis (~> 2.7.0)
      haml (>= 4.0, < 6)
      nokogiri (>= 1.6.0)
      ruby_parser (~> 3.5)
    http-cookie (1.0.3)
      domain_name (~> 0.5)
    httpclient (2.8.3)
    i18n (1.8.9)
      concurrent-ruby (~> 1.0)
    ice_nine (0.11.2)
    jmespath (1.4.0)
    jquery-rails (4.4.0)
      rails-dom-testing (>= 1, < 3)
      railties (>= 4.2.0)
      thor (>= 0.14, < 2.0)
    jquery-ui-rails (6.0.1)
      railties (>= 3.2.16)
    kaminari (1.2.1)
      activesupport (>= 4.1.0)
      kaminari-actionview (= 1.2.1)
      kaminari-activerecord (= 1.2.1)
      kaminari-core (= 1.2.1)
    kaminari-actionview (1.2.1)
      actionview
      kaminari-core (= 1.2.1)
    kaminari-activerecord (1.2.1)
      activerecord
      kaminari-core (= 1.2.1)
    kaminari-core (1.2.1)
    launchy (2.5.0)
      addressable (~> 2.7)
    listen (3.4.1)
      rb-fsevent (~> 0.10, >= 0.10.3)
      rb-inotify (~> 0.9, >= 0.9.10)
    loofah (2.9.0)
      crass (~> 1.0.2)
      nokogiri (>= 1.5.9)
    lumberjack (1.2.8)
    mail (2.7.1)
      mini_mime (>= 0.1.1)
    marcel (0.3.3)
      mimemagic (~> 0.3.2)
    method_source (1.0.0)
    middleware (0.1.0)
    mime-types (3.3.1)
      mime-types-data (~> 3.2015)
    mime-types-data (3.2021.0225)
    mimemagic (0.3.5)
    mini_mime (1.0.2)
    mini_portile2 (2.4.0)
    minitest (5.14.4)
    multi_json (1.15.0)
    multi_test (0.1.2)
    multipart-post (2.1.1)
    nenv (0.3.0)
    net-ssh (6.1.0)
    netaddr (2.0.4)
    netrc (0.11.0)
    nio4r (2.5.7)
    nokogiri (1.10.10)
      mini_portile2 (~> 2.4.0)
    notiffany (0.1.3)
      nenv (~> 0.1)
      shellany (~> 0.0)
    pg (1.2.3)
    phantomjs (2.1.1.0)
    poltergeist (1.18.1)
      capybara (>= 2.1, < 4)
      cliver (~> 0.3.1)
      websocket-driver (>= 0.2.0)
    prometheus-client (0.9.0)
    protobuf-cucumber (3.10.8)
      activesupport (>= 3.2)
      middleware
      thor
      thread_safe
    pry (0.14.0)
      coderay (~> 1.1)
      method_source (~> 1.0)
    pry-rails (0.3.9)
      pry (>= 0.10.4)
    public_suffix (4.0.6)
    puma (3.12.6)
    rack (2.2.3)
    rack-proxy (0.6.5)
      rack
    rack-test (1.1.0)
      rack (>= 1.0, < 3)
    rails (5.2.4.5)
      actioncable (= 5.2.4.5)
      actionmailer (= 5.2.4.5)
      actionpack (= 5.2.4.5)
      actionview (= 5.2.4.5)
      activejob (= 5.2.4.5)
      activemodel (= 5.2.4.5)
      activerecord (= 5.2.4.5)
      activestorage (= 5.2.4.5)
      activesupport (= 5.2.4.5)
      bundler (>= 1.3.0)
      railties (= 5.2.4.5)
      sprockets-rails (>= 2.0.0)
    rails-controller-testing (1.0.5)
      actionpack (>= 5.0.1.rc1)
      actionview (>= 5.0.1.rc1)
      activesupport (>= 5.0.1.rc1)
    rails-dom-testing (2.0.3)
      activesupport (>= 4.2.0)
      nokogiri (>= 1.6)
    rails-html-sanitizer (1.3.0)
      loofah (~> 2.3)
    rails_stdout_logging (0.0.5)
    railties (5.2.4.5)
      actionpack (= 5.2.4.5)
      activesupport (= 5.2.4.5)
      method_source
      rake (>= 0.8.7)
      thor (>= 0.19.0, < 2.0)
    rake (13.0.3)
    rb-fsevent (0.10.4)
    rb-inotify (0.10.1)
      ffi (~> 1.0)
    rdoc (6.3.0)
    react-rails (2.2.1)
      babel-transpiler (>= 0.7.0)
      connection_pool
      execjs
      railties (>= 3.2)
      tilt
    redcarpet (3.5.1)
    regexp_parser (1.8.2)
    responders (3.0.1)
      actionpack (>= 5.0)
      railties (>= 5.0)
    rest-client (2.0.2)
      http-cookie (>= 1.0.2, < 2.0)
      mime-types (>= 1.16, < 4.0)
      netrc (~> 0.8)
    rspec (3.10.0)
      rspec-core (~> 3.10.0)
      rspec-expectations (~> 3.10.0)
      rspec-mocks (~> 3.10.0)
    rspec-core (3.10.1)
      rspec-support (~> 3.10.0)
    rspec-expectations (3.10.1)
      diff-lcs (>= 1.2.0, < 2.0)
      rspec-support (~> 3.10.0)
    rspec-mocks (3.10.2)
      diff-lcs (>= 1.2.0, < 2.0)
      rspec-support (~> 3.10.0)
    rspec-rails (5.0.0)
      actionpack (>= 5.2)
      activesupport (>= 5.2)
      railties (>= 5.2)
      rspec-core (~> 3.10)
      rspec-expectations (~> 3.10)
      rspec-mocks (~> 3.10)
      rspec-support (~> 3.10)
    rspec-support (3.10.2)
    ruby-radius (1.1)
    ruby2_keywords (0.0.4)
    ruby_parser (3.15.1)
      sexp_processor (~> 4.9)
    sass (3.4.25)
    sass-rails (6.0.0)
      sassc-rails (~> 2.1, >= 2.1.1)
    sass_inline_svg (0.0.7)
    sassc (2.4.0)
      ffi (~> 1.9)
    sassc-rails (2.1.2)
      railties (>= 4.0.0)
      sassc (>= 2.0)
      sprockets (> 3.0)
      sprockets-rails
      tilt
    sdoc (1.1.0)
      rdoc (>= 5.0)
    sentry-raven (3.1.1)
      faraday (>= 1.0)
    sexp_processor (4.15.2)
    shellany (0.0.1)
    simple-navigation (4.1.0)
      activesupport (>= 2.3.2)
    simple_form (5.0.3)
      actionpack (>= 5.0)
      activemodel (>= 5.0)
    spinners (1.1.0)
      sass (~> 3.2)
    spring (2.1.1)
    sprockets (3.7.2)
      concurrent-ruby (~> 1.0)
      rack (> 1, < 3)
    sprockets-rails (3.2.2)
      actionpack (>= 4.0)
      activesupport (>= 4.0)
      sprockets (>= 3.0.0)
    sqlite3 (1.4.2)
    sys-uname (1.2.2)
      ffi (~> 1.1)
    temple (0.8.2)
    thor (1.1.0)
    thread_safe (0.3.6)
    tilt (2.0.10)
    tzinfo (1.2.9)
      thread_safe (~> 0.1)
    uglifier (4.2.0)
      execjs (>= 0.3.0, < 3)
    unf (0.2.0.beta2)
    virtus (1.0.5)
      axiom-types (~> 0.1)
      coercible (~> 1.0)
      descendants_tracker (~> 0.0, >= 0.0.3)
      equalizer (~> 0.0, >= 0.0.9)
    web-console (3.7.0)
      actionview (>= 5.0)
      activemodel (>= 5.0)
      bindex (>= 0.4.0)
      railties (>= 5.0)
    webpacker (4.3.0)
      activesupport (>= 4.2)
      rack-proxy (>= 0.6.1)
      railties (>= 4.2)
    websocket-driver (0.7.3)
      websocket-extensions (>= 0.1.0)
    websocket-extensions (0.1.5)
    xpath (3.2.0)
      nokogiri (~> 1.8)

PLATFORMS
  ruby

DEPENDENCIES
  activerecord-session_store
  arc-client!
  audit!
  automation!
  aws-sdk-ses
  block_storage!
  bootstrap-sass
  byebug
  capybara
  capybara-screenshot
  cloudops!
  coffee-rails
  colorize
  compass-rails
  compute!
  config
  cucumber-rails
  database_cleaner
  dns_service!
  dotenv-rails
  elektron!
  email_service!
  factory_girl_rails (~> 4.0)
  font-awesome-sass
  foreman (~> 0.87.0)
  friendly_id
  guard-rspec
  haml-rails
  high_voltage
  httpclient
  identity!
  image!
  inquiry!
  jquery-rails
  jquery-ui-rails
  kaminari (~> 1.2.1)
  keppel!
  key_manager!
  kubernetes!
  lbaas2!
  loadbalancing!
  lookup!
  lyra-client!
  masterdata_cockpit!
  metrics!
  monsoon-openstack-auth!
  net-ssh
  netaddr (= 2.0.4)
  networking!
  object_storage!
  pg
  phantomjs
  poltergeist
  prometheus-client
  pry-rails
  puma (= 3.12.6)
  rails (~> 5.2.3)
  rails-controller-testing
  rails_stdout_logging
  react-rails (~> 2.2.1)
  redcarpet
  reports!
  resource_management!
  resources!
  responders
  rspec
  rspec-rails
  ruby-radius
  sass-rails
  sass_inline_svg
  sdoc (~> 1.1.0)
  sentry-raven
  shared_filesystem_storage!
  simple-navigation
  simple_form
  spinners
  spring
  sqlite3
  tools!
  uglifier
  unf (>= 0.2.0beta2)
  web-console (~> 3.0)
  webconsole!
  webpacker (~> 4.0)

BUNDLED WITH
   1.17.3
