GIT
  remote: https://github.com/sapcc/arc-client.git
  revision: 5d9b922d3c19d02f0cd87c7cc93f80802a960b50
  specs:
    arc-client (0.7.1)
      rest-client (~> 2.0.0.rc3)

GIT
  remote: https://github.com/sapcc/elektron
  revision: 01347fe32eb9b9680c9ec699fed17293aeed3d3b
  tag: v2.2.1
  specs:
    elektron (2.2.1)

GIT
  remote: https://github.com/sapcc/lyra-client.git
  revision: 5846553e5e657943d936130a0c8fa9d0a1805a5f
  specs:
    lyra-client (0.1.1)

GIT
  remote: https://github.com/sapcc/monsoon-openstack-auth.git
  revision: 9c9a8b7160de12c7ab281eaaf6c112fde2fe8f20
  specs:
    monsoon-openstack-auth (2.0.7)
      excon
      hashie
      rails
      uglifier (>= 1.3.0)

PATH
  remote: plugins/access_profile
  specs:
    access_profile (0.0.1)
      rails (~> 5.2.6)

PATH
  remote: plugins/audit
  specs:
    audit (0.0.1)

PATH
  remote: plugins/automation
  specs:
    automation (0.0.1)
      virtus

PATH
  remote: plugins/block_storage
  specs:
    block_storage (0.0.1)

PATH
  remote: plugins/cloudops
  specs:
    cloudops (0.0.1)

PATH
  remote: plugins/compute
  specs:
    compute (0.0.1)

PATH
  remote: plugins/dns_service
  specs:
    dns_service (0.0.1)

PATH
  remote: plugins/email_service
  specs:
    email_service (0.0.1)
      aws-sdk-ses
      virtus

PATH
  remote: plugins/identity
  specs:
    identity (0.0.1)

PATH
  remote: plugins/image
  specs:
    image (0.0.1)

PATH
  remote: plugins/inquiry
  specs:
    inquiry (0.0.1)
      aasm
      bootstrap-kaminari-views
      kaminari

PATH
  remote: plugins/keppel
  specs:
    keppel (0.0.1)
      rails (~> 5.2.3)

PATH
  remote: plugins/key_manager
  specs:
    key_manager (0.0.1)

PATH
  remote: plugins/kubernetes
  specs:
    kubernetes (0.0.1)

PATH
  remote: plugins/lbaas2
  specs:
    lbaas2 (0.0.1)
      rails (~> 5.2.3)

PATH
  remote: plugins/lookup
  specs:
    lookup (0.0.1)

PATH
  remote: plugins/masterdata_cockpit
  specs:
    masterdata_cockpit (0.0.1)

PATH
  remote: plugins/metrics
  specs:
    metrics (0.0.1)

PATH
  remote: plugins/networking
  specs:
    networking (0.0.1)

PATH
  remote: plugins/object_storage
  specs:
    object_storage (0.0.1)

PATH
  remote: plugins/reports
  specs:
    reports (0.0.1)

PATH
  remote: plugins/resource_management
  specs:
    resource_management (0.0.1)

PATH
  remote: plugins/resources
  specs:
    resources (0.0.1)

PATH
  remote: plugins/shared_filesystem_storage
  specs:
    shared_filesystem_storage (0.0.1)

PATH
  remote: plugins/tools
  specs:
    tools (0.0.1)

PATH
  remote: plugins/webconsole
  specs:
    webconsole (0.0.1)

GEM
  remote: https://rubygems.org/
  specs:
    aasm (4.12.3)
      concurrent-ruby (~> 1.0)
    actioncable (5.2.7)
      actionpack (= 5.2.7)
      nio4r (~> 2.0)
      websocket-driver (>= 0.6.1)
    actionmailer (5.2.7)
      actionpack (= 5.2.7)
      actionview (= 5.2.7)
      activejob (= 5.2.7)
      mail (~> 2.5, >= 2.5.4)
      rails-dom-testing (~> 2.0)
    actionpack (5.2.7)
      actionview (= 5.2.7)
      activesupport (= 5.2.7)
      rack (~> 2.0, >= 2.0.8)
      rack-test (>= 0.6.3)
      rails-dom-testing (~> 2.0)
      rails-html-sanitizer (~> 1.0, >= 1.0.2)
    actionview (5.2.7)
      activesupport (= 5.2.7)
      builder (~> 3.1)
      erubi (~> 1.4)
      rails-dom-testing (~> 2.0)
      rails-html-sanitizer (~> 1.0, >= 1.0.3)
    activejob (5.2.7)
      activesupport (= 5.2.7)
      globalid (>= 0.3.6)
    activemodel (5.2.7)
      activesupport (= 5.2.7)
    activerecord (5.2.7)
      activemodel (= 5.2.7)
      activesupport (= 5.2.7)
      arel (>= 9.0)
    activerecord-session_store (1.1.3)
      actionpack (>= 4.0)
      activerecord (>= 4.0)
      multi_json (~> 1.11, >= 1.11.2)
      rack (>= 1.5.2, < 3)
      railties (>= 4.0)
    activestorage (5.2.7)
      actionpack (= 5.2.7)
      activerecord (= 5.2.7)
      marcel (~> 1.0.0)
    activesupport (5.2.7)
      concurrent-ruby (~> 1.0, >= 1.0.2)
      i18n (>= 0.7, < 2)
      minitest (~> 5.1)
      tzinfo (~> 1.1)
    arel (9.0.0)
    autoprefixer-rails (9.6.4)
      execjs
    aws-eventstream (1.1.1)
    aws-partitions (1.492.0)
    aws-sdk-core (3.119.1)
      aws-eventstream (~> 1, >= 1.0.2)
      aws-partitions (~> 1, >= 1.239.0)
      aws-sigv4 (~> 1.1)
      jmespath (~> 1.0)
    aws-sdk-ses (1.40.0)
      aws-sdk-core (~> 3, >= 3.119.0)
      aws-sigv4 (~> 1.1)
    aws-sigv4 (1.2.4)
      aws-eventstream (~> 1, >= 1.0.2)
    axiom-types (0.1.1)
      descendants_tracker (~> 0.0.4)
      ice_nine (~> 0.11.0)
      thread_safe (~> 0.3, >= 0.3.1)
    babel-source (5.8.35)
    babel-transpiler (0.7.0)
      babel-source (>= 4.0, < 6)
      execjs (~> 2.0)
    bindex (0.6.0)
    bootstrap-kaminari-views (0.0.5)
      kaminari (>= 0.13)
      rails (>= 3.1)
    bootstrap-sass (3.4.1)
      autoprefixer-rails (>= 5.2.1)
      sassc (>= 2.0.0)
    builder (3.2.4)
    byebug (9.0.6)
    chunky_png (1.3.8)
    coderay (1.1.1)
    coercible (1.0.0)
      descendants_tracker (~> 0.0.1)
    coffee-rails (4.2.2)
      coffee-script (>= 2.2.0)
      railties (>= 4.0.0)
    coffee-script (2.4.1)
      coffee-script-source
      execjs
    coffee-script-source (1.12.2)
    colorize (0.8.1)
    compass (1.0.3)
      chunky_png (~> 1.2)
      compass-core (~> 1.0.2)
      compass-import-once (~> 1.0.5)
      rb-fsevent (>= 0.9.3)
      rb-inotify (>= 0.9)
      sass (>= 3.3.13, < 3.5)
    compass-core (1.0.3)
      multi_json (~> 1.0)
      sass (>= 3.3.0, < 3.5)
    compass-import-once (1.0.5)
      sass (>= 3.2, < 3.5)
    compass-rails (3.0.2)
      compass (~> 1.0.0)
      sass-rails (< 5.1)
      sprockets (< 4.0)
    concurrent-ruby (1.1.10)
    config (2.2.3)
      deep_merge (~> 1.2, >= 1.2.1)
      dry-validation (~> 1.0, >= 1.0.0)
    connection_pool (2.2.1)
    crass (1.0.6)
    database_cleaner (1.6.1)
    deep_merge (1.2.2)
    descendants_tracker (0.0.4)
      thread_safe (~> 0.3, >= 0.3.1)
    diff-lcs (1.3)
    domain_name (0.5.20170404)
      unf (>= 0.0.5, < 1.0.0)
    dotenv (2.6.0)
    dotenv-rails (2.6.0)
      dotenv (= 2.6.0)
      railties (>= 3.2, < 6.0)
    dry-configurable (0.14.0)
      concurrent-ruby (~> 1.0)
      dry-core (~> 0.6)
    dry-container (0.9.0)
      concurrent-ruby (~> 1.0)
      dry-configurable (~> 0.13, >= 0.13.0)
    dry-core (0.7.1)
      concurrent-ruby (~> 1.0)
    dry-inflector (0.2.1)
    dry-initializer (3.1.1)
    dry-logic (1.2.0)
      concurrent-ruby (~> 1.0)
      dry-core (~> 0.5, >= 0.5)
    dry-schema (1.9.1)
      concurrent-ruby (~> 1.0)
      dry-configurable (~> 0.13, >= 0.13.0)
      dry-core (~> 0.5, >= 0.5)
      dry-initializer (~> 3.0)
      dry-logic (~> 1.0)
      dry-types (~> 1.5)
    dry-types (1.5.1)
      concurrent-ruby (~> 1.0)
      dry-container (~> 0.3)
      dry-core (~> 0.5, >= 0.5)
      dry-inflector (~> 0.1, >= 0.1.2)
      dry-logic (~> 1.0, >= 1.0.2)
    dry-validation (1.8.0)
      concurrent-ruby (~> 1.0)
      dry-container (~> 0.7, >= 0.7.1)
      dry-core (~> 0.5, >= 0.5)
      dry-initializer (~> 3.0)
      dry-schema (~> 1.9, >= 1.9.1)
    equalizer (0.0.11)
    erubi (1.10.0)
    erubis (2.7.0)
    excon (0.92.0)
    execjs (2.7.0)
    factory_girl (4.8.0)
      activesupport (>= 3.0.0)
    factory_girl_rails (4.8.0)
      factory_girl (~> 4.8.0)
      railties (>= 3.0.0)
    faraday (0.13.0)
      multipart-post (>= 1.2, < 3)
    ffi (1.9.25)
    font-awesome-sass (4.7.0)
      sass (>= 3.2)
    foreman (0.87.2)
    formatador (0.2.5)
    friendly_id (5.2.1)
      activerecord (>= 4.0.0)
    globalid (1.0.0)
      activesupport (>= 5.0)
    guard (2.14.1)
      formatador (>= 0.2.4)
      listen (>= 2.7, < 4.0)
      lumberjack (~> 1.0)
      nenv (~> 0.1)
      notiffany (~> 0.0)
      pry (>= 0.9.12)
      shellany (~> 0.0)
      thor (>= 0.18.1)
    guard-compat (1.2.1)
    guard-rspec (4.7.3)
      guard (~> 2.1)
      guard-compat (~> 1.1)
      rspec (>= 2.99.0, < 4.0)
    haml (5.2.2)
      temple (>= 0.8.0)
      tilt
    haml-rails (1.0.0)
      actionpack (>= 4.0.1)
      activesupport (>= 4.0.1)
      haml (>= 4.0.6, < 6.0)
      html2haml (>= 1.0.1)
      railties (>= 4.0.1)
    hashie (5.0.0)
    high_voltage (3.0.0)
    html2haml (2.2.0)
      erubis (~> 2.7.0)
      haml (>= 4.0, < 6)
      nokogiri (>= 1.6.0)
      ruby_parser (~> 3.5)
    http-cookie (1.0.3)
      domain_name (~> 0.5)
    httpclient (2.8.3)
    i18n (1.10.0)
      concurrent-ruby (~> 1.0)
    ice_nine (0.11.2)
    jmespath (1.4.0)
    jquery-rails (4.3.1)
      rails-dom-testing (>= 1, < 3)
      railties (>= 4.2.0)
      thor (>= 0.14, < 2.0)
    jquery-ui-rails (6.0.1)
      railties (>= 3.2.16)
    kaminari (1.2.1)
      activesupport (>= 4.1.0)
      kaminari-actionview (= 1.2.1)
      kaminari-activerecord (= 1.2.1)
      kaminari-core (= 1.2.1)
    kaminari-actionview (1.2.1)
      actionview
      kaminari-core (= 1.2.1)
    kaminari-activerecord (1.2.1)
      activerecord
      kaminari-core (= 1.2.1)
    kaminari-core (1.2.1)
    listen (3.1.5)
      rb-fsevent (~> 0.9, >= 0.9.4)
      rb-inotify (~> 0.9, >= 0.9.7)
      ruby_dep (~> 1.2)
    loofah (2.15.0)
      crass (~> 1.0.2)
      nokogiri (>= 1.5.9)
    lumberjack (1.0.12)
    mail (2.7.1)
      mini_mime (>= 0.1.1)
    marcel (1.0.2)
    method_source (0.8.2)
    mime-types (3.4.1)
      mime-types-data (~> 3.2015)
    mime-types-data (3.2022.0105)
    mini_mime (1.1.2)
    mini_portile2 (2.8.0)
    minitest (5.15.0)
    multi_json (1.13.1)
    multipart-post (2.0.0)
    nenv (0.3.0)
    net-ssh (4.1.0)
    netaddr (2.0.4)
    netrc (0.11.0)
    nio4r (2.5.8)
    nokogiri (1.13.3)
      mini_portile2 (~> 2.8.0)
      racc (~> 1.4)
    notiffany (0.1.1)
      nenv (~> 0.1)
      shellany (~> 0.0)
    pg (0.21.0)
    prettier (0.20.1)
    prometheus-client (0.9.0)
      quantile (~> 0.2.1)
    pry (0.10.4)
      coderay (~> 1.1.0)
      method_source (~> 0.8.1)
      slop (~> 3.4)
    pry-rails (0.3.6)
      pry (>= 0.10.4)
    puma (4.3.9)
      nio4r (~> 2.0)
    quantile (0.2.1)
    racc (1.6.0)
    rack (2.2.3)
    rack-proxy (0.7.0)
      rack
    rack-test (1.1.0)
      rack (>= 1.0, < 3)
    rails (5.2.7)
      actioncable (= 5.2.7)
      actionmailer (= 5.2.7)
      actionpack (= 5.2.7)
      actionview (= 5.2.7)
      activejob (= 5.2.7)
      activemodel (= 5.2.7)
      activerecord (= 5.2.7)
      activestorage (= 5.2.7)
      activesupport (= 5.2.7)
      bundler (>= 1.3.0)
      railties (= 5.2.7)
      sprockets-rails (>= 2.0.0)
    rails-controller-testing (1.0.2)
      actionpack (~> 5.x, >= 5.0.1)
      actionview (~> 5.x, >= 5.0.1)
      activesupport (~> 5.x)
    rails-dom-testing (2.0.3)
      activesupport (>= 4.2.0)
      nokogiri (>= 1.6)
    rails-html-sanitizer (1.4.2)
      loofah (~> 2.3)
    rails_stdout_logging (0.0.5)
    railties (5.2.7)
      actionpack (= 5.2.7)
      activesupport (= 5.2.7)
      method_source
      rake (>= 0.8.7)
      thor (>= 0.19.0, < 2.0)
    rake (13.0.6)
    rb-fsevent (0.10.2)
    rb-inotify (0.9.10)
      ffi (>= 0.5.0, < 2)
    rdoc (6.3.3)
    react-rails (2.2.1)
      babel-transpiler (>= 0.7.0)
      connection_pool
      execjs
      railties (>= 3.2)
      tilt
    redcarpet (3.5.1)
    responders (2.4.0)
      actionpack (>= 4.2.0, < 5.3)
      railties (>= 4.2.0, < 5.3)
    rest-client (2.0.2)
      http-cookie (>= 1.0.2, < 2.0)
      mime-types (>= 1.16, < 4.0)
      netrc (~> 0.8)
    rspec (3.6.0)
      rspec-core (~> 3.6.0)
      rspec-expectations (~> 3.6.0)
      rspec-mocks (~> 3.6.0)
    rspec-core (3.6.0)
      rspec-support (~> 3.6.0)
    rspec-expectations (3.6.0)
      diff-lcs (>= 1.2.0, < 2.0)
      rspec-support (~> 3.6.0)
    rspec-mocks (3.6.0)
      diff-lcs (>= 1.2.0, < 2.0)
      rspec-support (~> 3.6.0)
    rspec-rails (3.6.1)
      actionpack (>= 3.0)
      activesupport (>= 3.0)
      railties (>= 3.0)
      rspec-core (~> 3.6.0)
      rspec-expectations (~> 3.6.0)
      rspec-mocks (~> 3.6.0)
      rspec-support (~> 3.6.0)
    rspec-support (3.6.0)
    ruby-radius (1.1)
    ruby_dep (1.5.0)
    ruby_parser (3.10.1)
      sexp_processor (~> 4.9)
    sass (3.4.25)
    sass-rails (5.0.6)
      railties (>= 4.0.0, < 6)
      sass (~> 3.1)
      sprockets (>= 2.8, < 4.0)
      sprockets-rails (>= 2.0, < 4.0)
      tilt (>= 1.1, < 3)
    sass_inline_svg (0.0.7)
    sassc (2.2.1)
      ffi (~> 1.9)
    sdoc (1.1.0)
      rdoc (>= 5.0)
    semantic_range (3.0.0)
    sentry-raven (2.6.3)
      faraday (>= 0.7.6, < 1.0)
    sexp_processor (4.10.0)
    shellany (0.0.1)
    simple-navigation (4.0.5)
      activesupport (>= 2.3.2)
    simple_form (5.0.1)
      actionpack (>= 5.0)
      activemodel (>= 5.0)
    slop (3.6.0)
    spinners (1.1.0)
      sass (~> 3.2)
    spring (2.0.2)
      activesupport (>= 4.2)
    sprockets (3.7.2)
      concurrent-ruby (~> 1.0)
      rack (> 1, < 3)
    sprockets-rails (3.4.2)
      actionpack (>= 5.2)
      activesupport (>= 5.2)
      sprockets (>= 3.0.0)
    sqlite3 (1.4.1)
    temple (0.8.2)
    thor (1.2.1)
    thread_safe (0.3.6)
    tilt (2.0.10)
    tzinfo (1.2.9)
      thread_safe (~> 0.1)
    uglifier (4.1.19)
      execjs (>= 0.3.0, < 3)
    unf (0.2.0.beta2)
    virtus (1.0.5)
      axiom-types (~> 0.1)
      coercible (~> 1.0)
      descendants_tracker (~> 0.0, >= 0.0.3)
      equalizer (~> 0.0, >= 0.0.9)
    web-console (3.7.0)
      actionview (>= 5.0)
      activemodel (>= 5.0)
      bindex (>= 0.4.0)
      railties (>= 5.0)
    webpacker (5.4.3)
      activesupport (>= 5.2)
      rack-proxy (>= 0.6.1)
      railties (>= 5.2)
      semantic_range (>= 2.3.0)
    websocket-driver (0.7.5)
      websocket-extensions (>= 0.1.0)
    websocket-extensions (0.1.5)

PLATFORMS
  ruby

DEPENDENCIES
  access_profile!
  activerecord-session_store
  arc-client!
  audit!
  automation!
  aws-sdk-ses
  block_storage!
  bootstrap-sass
  byebug
  cloudops!
  coffee-rails
  colorize
  compass-rails
  compute!
  config (~> 2.2.1)
  database_cleaner
  dns_service!
  dotenv-rails
  elektron!
  email_service!
  factory_girl_rails (~> 4.0)
  font-awesome-sass
  foreman (~> 0.87.0)
  friendly_id
  guard-rspec
  haml-rails
  high_voltage
  httpclient
  identity!
  image!
  inquiry!
  jquery-rails
  jquery-ui-rails
  kaminari (~> 1.2.1)
  keppel!
  key_manager!
  kubernetes!
  lbaas2!
  lookup!
  lyra-client!
  masterdata_cockpit!
  metrics!
  monsoon-openstack-auth!
  net-ssh
  netaddr (= 2.0.4)
  networking!
  object_storage!
  pg
  prettier
  prometheus-client
  pry-rails
  puma (= 4.3.9)
  rails (~> 5.2.5)
  rails-controller-testing
  rails_stdout_logging
  react-rails (~> 2.2.1)
  redcarpet
  reports!
  resource_management!
  resources!
  responders
  rspec
  rspec-rails
  ruby-radius
  sass-rails
  sass_inline_svg
  sdoc (~> 1.1.0)
  sentry-raven
  shared_filesystem_storage!
  simple-navigation
  simple_form
  spinners
  spring
  sqlite3
  tools!
  uglifier
  unf (>= 0.2.0beta2)
  web-console (~> 3.0)
  webconsole!
  webpacker (~> 5.0)

BUNDLED WITH
   2.3.10
